PATH
  remote: .
  specs:
    log_sense (2.2.1)
      browser (~> 5.3.0)
      ipaddr (~> 1.2.0)
      iso_country_codes (~> 0.7.0)
      sqlite3 (~> 2.0.0)
      terminal-table (~> 3.0.0)

GEM
  remote: https://rubygems.org/
  specs:
    ast (2.4.2)
    browser (5.3.1)
    bundle-audit (0.1.0)
      bundler-audit
    bundler-audit (0.9.2)
      bundler (>= 1.2.0, < 3)
      thor (~> 1.0)
    debug (1.9.2)
      irb (~> 1.10)
      reline (>= 0.3.8)
    io-console (0.7.2)
    ipaddr (1.2.6)
    irb (1.14.0)
      rdoc (>= 4.0.0)
      reline (>= 0.4.2)
    iso_country_codes (0.7.8)
    json (2.7.2)
    language_server-protocol (3.17.0.3)
    mini_portile2 (2.8.7)
    minitest (5.24.1)
    parallel (1.26.3)
    parser (3.3.4.2)
      ast (~> 2.4.1)
      racc
    psych (5.1.2)
      stringio
    racc (1.8.1)
    rainbow (3.1.1)
    rake (13.2.1)
    rdoc (6.7.0)
      psych (>= 4.0.0)
    regexp_parser (2.9.2)
    reline (0.5.9)
      io-console (~> 0.5)
    rexml (3.3.6)
      strscan
    rubocop (1.65.1)
      json (~> 2.3)
      language_server-protocol (>= 3.17.0)
      parallel (~> 1.10)
      parser (>= 3.3.0.2)
      rainbow (>= 2.2.2, < 4.0)
      regexp_parser (>= 2.4, < 3.0)
      rexml (>= 3.2.5, < 4.0)
      rubocop-ast (>= 1.31.1, < 2.0)
      ruby-progressbar (~> 1.7)
      unicode-display_width (>= 2.4.0, < 3.0)
    rubocop-ast (1.32.1)
      parser (>= 3.3.1.0)
    ruby-progressbar (1.13.0)
    sqlite3 (2.0.3)
      mini_portile2 (~> 2.8.0)
    stringio (3.1.1)
    strscan (3.1.0)
    terminal-table (3.0.2)
      unicode-display_width (>= 1.1.1, < 3)
    thor (1.3.1)
    unicode-display_width (2.5.0)

PLATFORMS
  ruby

DEPENDENCIES
  bundle-audit
  debug (~> 1.9.0)
  log_sense!
  minitest (~> 5.24.0)
  rake (~> 13.0)
  rubocop

BUNDLED WITH
   2.5.3
